GEM
  remote: https://rubygems.org/
  specs:
    ast (2.3.0)
    coderay (1.1.2)
    memoist (0.16.0)
    method_source (0.8.2)
    parser (2.4.0.0)
      ast (~> 2.2)
    pry (0.10.4)
      coderay (~> 1.1.0)
      method_source (~> 0.8.1)
      slop (~> 3.4)
    slop (3.6.0)

PLATFORMS
  ruby

DEPENDENCIES
  memoist
  parser
  pry

BUNDLED WITH
   1.15.4
